{
    "TaskName": "REQUIRED Task label is derived from this field by removing all non alphanumeric characters. Note this does not have to be a behavioral task that subjects perform, but can reflect some information about the conditions present when the data was acquired: e.g. rest/resteyesopen/resteyesclosed/sleep",
    "InstitutionName": "RECOMMENDED",
    "InstitutionAddress": "RECOMMENDED",
    "Manufacturer": "RECOMMENDED",
    "ManufacturersModelName": "RECOMMENDED",
    "SoftwareVersions": "RECOMMENDED",
    "TaskDescription": "RECOMMENDED",
    "Instructions": "RECOMMENDED",
    "DeviceSerialNumber": "RECOMMENDED",
    "iEEGReference": "REQUIRED", 
    "SamplingFrequency": 9999,
    "PowerLineFrequency": 9999,
    "SoftwareFilters": "n/a",
    "DCOffsetCorrection": "n/a",
    "HardwareFilters": {"HighPass": {"cutoff":0.16},"LowPass": {"cutoff":500}},
    "ElectrodeManufacturer": "RECOMMENDED",
    "ElectrodeManufacturersModelName": "RECOMMENDED",
    "ECOGChannelCount": 9999,
    "SEEGChannelCount": 9999,
    "EEGChannelCount": 9999,
    "EOGChannelCount": 9999,
    "ECGChannelCount": 9999,
    "EMGChannelCount": 9999,
    "MiscChannelCount": 9999,
    "TriggerChannelCount": 9999,
    "RecordingDuration": 9999,
    "RecordingType": "continuous",
    "iEEGGround": "RECOMMENDED",
    "iEEGPlacementScheme": "RECOMMENDED",
    "iEEGElectrodeGroups": "RECOMMENDED",
    "SubjectArtefactDescription": "RECOMMENDED",
    "ElectricalStimulation": true,
    "ElectricalStimulationParameters": "describe CCEP parameters here in words: Single pulse stimulation with a square wave biphasic pulse, 200 microsecond duration, 6mA amplitude, delivered about every 5 seconds"
}
